PATH
  remote: .
  specs:
    liquid-jsonify-filter (0.1.0)
      json (~> 2.2)
      liquid (~> 5)

GEM
  remote: https://rubygems.org/
  specs:
    json (2.6.2)
    liquid (5.3.0)

PLATFORMS
  ruby

DEPENDENCIES
  liquid-jsonify-filter!

BUNDLED WITH
   2.1.4
